GEM
  remote: https://rubygems.org/
  specs:
    rack (3.0.2)
    rackup (0.2.2)
      rack (>= 3.0.2)
      webrick
    webrick (1.7.0)

PLATFORMS
  x64-mingw-ucrt

DEPENDENCIES
  rack (= 3.0.2)
  rackup (~> 0.2.2)

BUNDLED WITH
   2.3.26
