GEM
  remote: https://rubygems.org/
  specs:
    faraday (2.7.2)
      faraday-net_http (>= 2.0, < 3.1)
      ruby2_keywords (>= 0.0.4)
    faraday-net_http (3.0.2)
    random_name_generator (2.0.1)
    ruby2_keywords (0.0.5)

PLATFORMS
  x64-mingw-ucrt

DEPENDENCIES
  faraday
  random_name_generator

BUNDLED WITH
   2.3.16
